GIT
  remote: git://github.com/afeld/magickly.git
  revision: cd17608a9c4468da1f738815a96dc2a9473fc029
  ref: cd17608a9c4468da1f738815a96dc2a9473fc029
  specs:
    magickly (1.4.0)
      activesupport (>= 2.0.0)
      addressable (~> 2.2)
      dragonfly (~> 0.9.5)
      httparty (~> 0.8)
      sinatra (~> 1.2)

GEM
  remote: http://rubygems.org/
  specs:
    activesupport (4.1.8)
      i18n (~> 0.6, >= 0.6.9)
      json (~> 1.7, >= 1.7.7)
      minitest (~> 5.1)
      thread_safe (~> 0.1)
      tzinfo (~> 1.1)
    addressable (2.3.6)
    builder (3.2.2)
    byebug (3.5.1)
      columnize (~> 0.8)
      debugger-linecache (~> 1.2)
      slop (~> 3.6)
    coderay (1.1.0)
    columnize (0.9.0)
    crack (0.4.2)
      safe_yaml (~> 1.0.0)
    debugger (1.6.8)
      columnize (>= 0.3.1)
      debugger-linecache (~> 1.2.0)
      debugger-ruby_core_source (~> 1.3.5)
    debugger-linecache (1.2.0)
    debugger-ruby_core_source (1.3.7)
    descendants_tracker (0.0.4)
      thread_safe (~> 0.3, >= 0.3.1)
    diff-lcs (1.2.5)
    domain_name (0.5.20160128)
      unf (>= 0.0.5, < 1.0.0)
    dragonfly (0.9.15)
      multi_json (~> 1.0)
      rack
    excon (0.42.1)
    face (0.1.0)
      json (>= 1.4.6)
      rest-client (>= 1.6.1)
    faraday (0.9.0)
      multipart-post (>= 1.2, < 3)
    fastimage (1.6.6)
      addressable (~> 2.3, >= 2.3.5)
    git (1.2.8)
    github_api (0.12.2)
      addressable (~> 2.3)
      descendants_tracker (~> 0.0.4)
      faraday (~> 0.8, < 0.10)
      hashie (>= 3.3)
      multi_json (>= 1.7.5, < 2.0)
      nokogiri (~> 1.6.3)
      oauth2
    haml (5.0.0)
      temple (>= 0.8.0)
      tilt
    hashie (3.3.2)
    highline (1.6.21)
    http-cookie (1.0.2)
      domain_name (~> 0.5)
    httparty (0.13.3)
      json (~> 1.8)
      multi_xml (>= 0.5.2)
    i18n (0.6.11)
    jeweler (2.0.1)
      builder
      bundler (>= 1.0)
      git (>= 1.2.5)
      github_api
      highline (>= 1.6.15)
      nokogiri (>= 1.5.10)
      rake
      rdoc
    json (1.8.1)
    jwt (1.2.0)
    kgio (2.9.2)
    method_source (0.8.2)
    mime-types (2.99)
    mini_portile (0.6.1)
    minitest (5.5.0)
    multi_json (1.10.1)
    multi_xml (0.5.5)
    multipart-post (2.0.0)
    netrc (0.11.0)
    nokogiri (1.6.5)
      mini_portile (~> 0.6.0)
    oauth2 (1.0.0)
      faraday (>= 0.8, < 0.10)
      jwt (~> 1.0)
      multi_json (~> 1.3)
      multi_xml (~> 0.5)
      rack (~> 1.2)
    pry (0.10.3)
      coderay (~> 1.1.0)
      method_source (~> 0.8.1)
      slop (~> 3.4)
    rack (1.5.2)
    rack-attack (4.2.0)
      rack
    rack-protection (1.5.3)
      rack
    rack-test (0.6.2)
      rack (>= 1.0)
    raindrops (0.13.0)
    rake (10.4.2)
    rdoc (4.2.0)
      json (~> 1.4)
    rest-client (1.8.0)
      http-cookie (>= 1.0.2, < 2.0)
      mime-types (>= 1.16, < 3.0)
      netrc (~> 0.7)
    rspec (3.1.0)
      rspec-core (~> 3.1.0)
      rspec-expectations (~> 3.1.0)
      rspec-mocks (~> 3.1.0)
    rspec-core (3.1.7)
      rspec-support (~> 3.1.0)
    rspec-expectations (3.1.2)
      diff-lcs (>= 1.2.0, < 2.0)
      rspec-support (~> 3.1.0)
    rspec-mocks (3.1.3)
      rspec-support (~> 3.1.0)
    rspec-support (3.1.2)
    safe_yaml (1.0.4)
    sinatra (1.4.5)
      rack (~> 1.4)
      rack-protection (~> 1.4)
      tilt (~> 1.3, >= 1.3.4)
    slop (3.6.0)
    temple (0.9.1)
    thread_safe (0.3.4)
    tilt (1.4.1)
    tzinfo (1.2.2)
      thread_safe (~> 0.1)
    unf (0.1.4)
      unf_ext
    unf_ext (0.0.7.2)
    unicorn (4.8.3)
      kgio (~> 2.6)
      rack
      raindrops (~> 0.7)
    vcr (2.9.3)
    webmock (1.20.4)
      addressable (>= 2.3.6)
      crack (>= 0.3.2)

PLATFORMS
  ruby

DEPENDENCIES
  addressable
  byebug
  debugger
  dragonfly (~> 0.9)
  excon
  face
  faraday
  fastimage
  haml
  jeweler
  magickly!
  pry
  rack-attack
  rack-test
  rspec
  sinatra (~> 1.2)
  unicorn
  vcr
  webmock

BUNDLED WITH
   1.10.6
